GEM
  remote: https://rubygems.org/
  specs:
    awesome_print (1.9.2)

PLATFORMS
  arm64-darwin-23
  ruby

DEPENDENCIES
  awesome_print (~> 1.9)

BUNDLED WITH
   2.5.15
